GEM
  remote: http://gems.github.com/
  remote: http://rubygems.org/
  specs:
    diff-lcs (1.1.3)
    git (1.2.5)
    json_pure (1.5.0)
    multi_json (1.5.0)
    rake (10.0.3)
    rdoc (3.9.4)
    rspec (2.12.0)
      rspec-core (~> 2.12.0)
      rspec-expectations (~> 2.12.0)
      rspec-mocks (~> 2.12.0)
    rspec-core (2.12.2)
    rspec-expectations (2.12.1)
      diff-lcs (~> 1.1.3)
    rspec-mocks (2.12.2)
    rubyforge (2.0.4)
      json_pure (>= 1.1.7)
    simplecov (0.7.1)
      multi_json (~> 1.0)
      simplecov-html (~> 0.7.1)
    simplecov-html (0.7.1)
    technicalpickles-jeweler (1.2.1)
      git (>= 1.2.1)
      rubyforge

PLATFORMS
  ruby

DEPENDENCIES
  rake (~> 10.0.3)
  rdoc
  rspec (> 2.1.0)
  rubyforge
  simplecov
  technicalpickles-jeweler
