PATH
  remote: .
  specs:
    ruby-hl7 (1.3.3)

GEM
  remote: https://rubygems.org/
  specs:
    coderay (1.1.2)
    diff-lcs (1.3)
    docile (1.3.2)
    ffi (1.12.2-java)
    json (2.5.1)
    json (2.5.1-java)
    method_source (0.9.2)
    pry (0.12.2)
      coderay (~> 1.1.0)
      method_source (~> 0.9.0)
    pry (0.12.2-java)
      coderay (~> 1.1.0)
      method_source (~> 0.9.0)
      spoon (~> 0.0)
    rake (13.0.1)
    rake-contrib (1.0.0)
      rake
    rdoc (6.3.1)
    rspec (3.9.0)
      rspec-core (~> 3.9.0)
      rspec-expectations (~> 3.9.0)
      rspec-mocks (~> 3.9.0)
    rspec-core (3.9.1)
      rspec-support (~> 3.9.1)
    rspec-expectations (3.9.0)
      diff-lcs (>= 1.2.0, < 2.0)
      rspec-support (~> 3.9.0)
    rspec-mocks (3.9.1)
      diff-lcs (>= 1.2.0, < 2.0)
      rspec-support (~> 3.9.0)
    rspec-support (3.9.2)
    simplecov (0.16.1)
      docile (~> 1.1)
      json (>= 1.8, < 3)
      simplecov-html (~> 0.10.0)
    simplecov-html (0.10.2)
    spoon (0.0.6)
      ffi

PLATFORMS
  java
  ruby
  x86-mingw32

DEPENDENCIES
  bundler (~> 1.17)
  pry
  rake (>= 12.3.3)
  rake-contrib
  rdoc (~> 6.3)
  rspec (>= 3.9.0)
  ruby-hl7!
  simplecov (= 0.16.1)
  simplecov-html (~> 0.10.0)

BUNDLED WITH
   1.17.2
