PATH
  remote: .
  specs:
    ruby-hl7 (1.3.2)

GEM
  remote: https://rubygems.org/
  specs:
    coderay (1.1.2)
    diff-lcs (1.3)
    docile (1.3.2)
    ffi (1.12.2-java)
    json (1.8.6)
    json (1.8.6-java)
    method_source (0.9.2)
    pry (0.12.2)
      coderay (~> 1.1.0)
      method_source (~> 0.9.0)
    pry (0.12.2-java)
      coderay (~> 1.1.0)
      method_source (~> 0.9.0)
      spoon (~> 0.0)
    rake (11.3.0)
    rdoc (3.12.2)
      json (~> 1.4)
    rspec (2.99.0)
      rspec-core (~> 2.99.0)
      rspec-expectations (~> 2.99.0)
      rspec-mocks (~> 2.99.0)
    rspec-core (2.99.2)
    rspec-expectations (2.99.2)
      diff-lcs (>= 1.1.3, < 2.0)
    rspec-mocks (2.99.4)
    simplecov (0.18.5)
      docile (~> 1.1)
      simplecov-html (~> 0.11)
    simplecov-html (0.12.2)
    spoon (0.0.6)
      ffi

PLATFORMS
  java
  ruby
  x86-mingw32

DEPENDENCIES
  bundler (~> 1.17)
  pry
  rake (~> 11.0)
  rdoc (~> 3.12)
  rspec (~> 2.99)
  ruby-hl7!
  simplecov (~> 0.15)

BUNDLED WITH
   1.17.2
